GEM
  remote: http://rubygems.org/
  specs:
    daemons (1.2.6)
    diff-lcs (1.3)
    eventmachine (1.2.5)
    haml (5.0.4)
      temple (>= 0.8.0)
      tilt
    mini_portile2 (2.3.0)
    mustermann (2.0.2)
      ruby2_keywords (~> 0.0.1)
    nokogiri (1.8.1)
      mini_portile2 (~> 2.3.0)
    rack (2.2.4)
    rack-protection (2.2.3)
      rack
    rack-test (0.8.2)
      rack (>= 1.0, < 3)
    rspec (3.7.0)
      rspec-core (~> 3.7.0)
      rspec-expectations (~> 3.7.0)
      rspec-mocks (~> 3.7.0)
    rspec-core (3.7.1)
      rspec-support (~> 3.7.0)
    rspec-expectations (3.7.0)
      diff-lcs (>= 1.2.0, < 2.0)
      rspec-support (~> 3.7.0)
    rspec-mocks (3.7.0)
      diff-lcs (>= 1.2.0, < 2.0)
      rspec-support (~> 3.7.0)
    rspec-support (3.7.0)
    ruby2_keywords (0.0.5)
    sinatra (2.2.3)
      mustermann (~> 2.0)
      rack (~> 2.2)
      rack-protection (= 2.2.3)
      tilt (~> 2.0)
    temple (0.8.0)
    thin (1.7.2)
      daemons (~> 1.0, >= 1.0.9)
      eventmachine (~> 1.0, >= 1.0.4)
      rack (>= 1, < 3)
    tilt (2.0.11)
    webrat (0.7.3)
      nokogiri (>= 1.2.0)
      rack (>= 1.0)
      rack-test (>= 0.5.3)

PLATFORMS
  ruby

DEPENDENCIES
  haml
  rack-test
  rspec
  sinatra
  thin
  webrat
